PATH
  remote: .
  specs:
    doxie (3.0.0)

GEM
  remote: https://rubygems.org/
  specs:
    addressable (2.6.0)
      public_suffix (>= 2.0.2, < 4.0)
    crack (0.4.3)
      safe_yaml (~> 1.0.0)
    fakefs (0.20.0)
    hashdiff (0.3.8)
    minitest (5.11.3)
    public_suffix (3.0.3)
    rake (12.3.2)
    safe_yaml (1.0.5)
    webmock (3.5.1)
      addressable (>= 2.3.6)
      crack (>= 0.3.2)
      hashdiff

PLATFORMS
  ruby

DEPENDENCIES
  doxie!
  fakefs
  minitest
  rake
  webmock

BUNDLED WITH
   1.17.3
