PATH
  remote: .
  specs:
    doxie (4.0.0)

GEM
  remote: https://rubygems.org/
  specs:
    addressable (2.8.0)
      public_suffix (>= 2.0.2, < 5.0)
    crack (0.4.3)
      safe_yaml (~> 1.0.0)
    fakefs (1.2.2)
    hashdiff (1.0.1)
    minitest (5.14.0)
    public_suffix (4.0.6)
    rake (13.0.1)
    safe_yaml (1.0.5)
    webmock (3.8.3)
      addressable (>= 2.3.6)
      crack (>= 0.3.2)
      hashdiff (>= 0.4.0, < 2.0.0)

PLATFORMS
  ruby

DEPENDENCIES
  doxie!
  fakefs
  minitest
  rake
  webmock

BUNDLED WITH
   2.1.4
