PATH
  remote: .
  specs:
    doxie (0.0.5)

GEM
  remote: https://rubygems.org/
  specs:
    addressable (2.4.0)
    crack (0.4.3)
      safe_yaml (~> 1.0.0)
    fakefs (0.8.1)
    hashdiff (0.3.0)
    minitest (5.9.0)
    rake (11.1.2)
    safe_yaml (1.0.4)
    webmock (2.0.3)
      addressable (>= 2.3.6)
      crack (>= 0.3.2)
      hashdiff

PLATFORMS
  ruby

DEPENDENCIES
  doxie!
  fakefs
  minitest
  rake
  webmock

BUNDLED WITH
   1.12.3
